FRAMEWORK: >= NET46
NUGET
  remote: https://www.nuget.org/api/v2
    Chessie (0.6)
    Common.Logging (3.3.1)
      Common.Logging.Core (>= 3.3.1)
    Common.Logging.Core (3.3.1)
    Common.Logging.Serilog (4.1.2)
      Common.Logging (>= 3.3.1)
      Common.Logging.Core (>= 3.3.1)
      Serilog (>= 2.0)
    FSharp.Collections.ParallelSeq (1.0.2)
    FSharp.Configuration (0.6.4)
    FSharp.Core (4.0.0.1)
    FSharp.Data (2.3.2)
    FSharp.Data.SqlClient (1.8.2)
    NBitcoin (3.0.0.84)
      Newtonsoft.Json (>= 9.0.1)
    ncrontab (3.2)
    Newtonsoft.Json (9.0.1)
    QBitNinja.Client (1.0.3.33)
      NBitcoin (>= 3.0.0.51)
    Quartz (2.4.1)
      Common.Logging (>= 3.3.1)
    Rijndael256 (1.0.1)
    Scrypt.NET (1.1)
    Serilog (2.3)
    Serilog.Sinks.ColoredConsole (2.0)
      Serilog (>= 2.0)
    Serilog.Sinks.Console (2.1)
      Serilog (>= 2.0)
    Serilog.Sinks.RollingFileAlternate (2.0.6)
      Serilog (>= 2.0)
    Serilog.Sinks.Trace (2.0)
      Serilog (>= 2.0)
    Suave (1.1.3)
      FSharp.Core (>= 3.1.2.5)
    System.IdentityModel.Tokens.Jwt (4.0.2.206221351)
    WebSocketSharp (1.0.3-rc11)
GITHUB
  remote: haf/YoLo
    YoLo.fs (76e16a4c9338c2f04cb067add0e3a33b42a0f396)
GROUP Build
FRAMEWORK: >= NET46
NUGET
  remote: https://www.nuget.org/api/v2
    FAKE (4.46.1)
    FSharp.Compiler.Service (2.0.0.6)
    FSharp.Formatting (2.14.4)
      FSharp.Compiler.Service (2.0.0.6)
      FSharpVSPowerTools.Core (>= 2.3 < 2.4)
    FSharpVSPowerTools.Core (2.3)
      FSharp.Compiler.Service (>= 2.0.0.3)
    Octokit (0.23)
    SourceLink.Fake (1.1)
GITHUB
  remote: fsharp/FAKE
    modules/Octokit/Octokit.fsx (ab0bacd2f21ee486879a3ea2a765f15b536181fb)
      Octokit
GROUP Test
FRAMEWORK: >= NET46
NUGET
  remote: https://www.nuget.org/api/v2
    FSharp.Core (4.0.0.1)
    FsUnit (1.4.1)
      FSharp.Core (>= 3.1.2.5)
      NUnit (2.6.4)
    NUnit (2.6.4)
    NUnit.Runners (2.6.4)
